GEM
  remote: http://rubygems.org/
  specs:
    aaronh-chronic (0.3.9)
    activesupport (3.0.9)
    git (1.2.5)
    jeweler (1.6.3)
      bundler (~> 1.0)
      git (>= 1.2.5)
      rake
    json (1.5.3)
    rake (0.8.7)
    rcov (0.9.9)
    shoulda (2.11.3)
    whenever (0.6.8)
      aaronh-chronic (>= 0.3.9)
      activesupport (>= 2.3.4)

PLATFORMS
  ruby

DEPENDENCIES
  bundler (~> 1.0.0)
  jeweler (~> 1.6.3)
  json
  rake (= 0.8.7)
  rcov
  shoulda
  whenever
