GEM
  remote: http://rubygems.org/
  specs:
    activesupport (3.1.0)
      multi_json (~> 1.0)
    chronic (0.6.4)
    git (1.2.5)
    jeweler (1.6.4)
      bundler (~> 1.0)
      git (>= 1.2.5)
      rake
    json (1.6.1)
    multi_json (1.0.3)
    newrelic_rpm (3.1.2)
    rake (0.8.7)
    rcov (0.9.10)
    shoulda (2.11.3)
    whenever (0.7.0)
      activesupport (>= 2.3.4)
      chronic (~> 0.6.3)

PLATFORMS
  ruby

DEPENDENCIES
  bundler (~> 1.0.0)
  jeweler (~> 1.6.3)
  json
  newrelic_rpm
  rake (= 0.8.7)
  rcov
  shoulda
  whenever
